PATH
  remote: .
  specs:
    tunnel (0.0.2)
      highline (~> 1.6)
      thor

GEM
  remote: http://rubygems.org/
  specs:
    highline (1.6.11)
    thor (0.14.6)

PLATFORMS
  ruby

DEPENDENCIES
  tunnel!
